GEM
  remote: https://rubygems.org/
  specs:
    RedCloth (4.2.9)
    actionmailer (3.2.2)
      actionpack (= 3.2.2)
      mail (~> 2.4.0)
    actionpack (3.2.2)
      activemodel (= 3.2.2)
      activesupport (= 3.2.2)
      builder (~> 3.0.0)
      erubis (~> 2.7.0)
      journey (~> 1.0.1)
      rack (~> 1.4.0)
      rack-cache (~> 1.1)
      rack-test (~> 0.6.1)
      sprockets (~> 2.1.2)
    activemodel (3.2.2)
      activesupport (= 3.2.2)
      builder (~> 3.0.0)
    activerecord (3.2.2)
      activemodel (= 3.2.2)
      activesupport (= 3.2.2)
      arel (~> 3.0.2)
      tzinfo (~> 0.3.29)
    activeresource (3.2.2)
      activemodel (= 3.2.2)
      activesupport (= 3.2.2)
    activesupport (3.2.2)
      i18n (~> 0.6)
      multi_json (~> 1.0)
    acts_as_markup (1.4.2)
      RedCloth
      RedCloth (~> 4.2)
      activerecord
      activerecord (>= 2.3.2)
      activesupport
      activesupport (>= 2.3.2)
      rdiscount
      rdiscount (~> 1.3)
      wikicloth
      wikitext (~> 2.0)
    addressable (2.2.7)
    arel (3.0.2)
    bcrypt-ruby (3.0.1)
    builder (3.0.0)
    coffee-rails (3.2.2)
      coffee-script (>= 2.2.0)
      railties (~> 3.2.0)
    coffee-script (2.2.0)
      coffee-script-source
      execjs
    coffee-script-source (1.2.0)
    commonjs (0.2.5)
    devise (2.0.4)
      bcrypt-ruby (~> 3.0)
      orm_adapter (~> 0.0.3)
      railties (~> 3.1)
      warden (~> 1.1.1)
    erubis (2.7.0)
    execjs (1.3.0)
      multi_json (~> 1.0)
    expression_parser (0.9.0)
    gravtastic (3.2.6)
    haml (3.1.4)
    hike (1.2.1)
    htmlentities (4.3.1)
    i18n (0.6.0)
    journey (1.0.3)
    jquery-rails (2.0.1)
      railties (>= 3.2.0, < 5.0)
      thor (~> 0.14)
    json (1.6.5)
    json-ld (0.1.0)
      json (>= 1.5.1)
      rdf (>= 0.3.4)
    json_pure (1.6.6)
    less (2.0.11)
      commonjs (~> 0.2.0)
      therubyracer (~> 0.9.9)
    less-rails (2.1.8)
      actionpack (>= 3.1)
      less (~> 2.0.7)
    libv8 (3.3.10.4)
    linkeddata (0.3.5)
      json-ld (>= 0.1.0)
      rdf (>= 0.3.5)
      rdf-isomorphic (>= 0.3.4)
      rdf-json (>= 0.3.0)
      rdf-microdata (>= 0.2.3)
      rdf-n3 (>= 0.3.6)
      rdf-rdfa (>= 0.3.9)
      rdf-rdfxml (>= 0.3.5)
      rdf-trig (>= 0.1.1)
      rdf-trix (>= 0.3.0)
      rdf-turtle (>= 0.1.1)
    mail (2.4.4)
      i18n (>= 0.4.0)
      mime-types (~> 1.16)
      treetop (~> 1.4.8)
    mime-types (1.17.2)
    multi_json (1.1.0)
    nokogiri (1.5.2)
    orm_adapter (0.0.6)
    polyglot (0.3.3)
    rack (1.4.1)
    rack-cache (1.2)
      rack (>= 0.4)
    rack-ssl (1.3.2)
      rack
    rack-test (0.6.1)
      rack (>= 1.0)
    rails (3.2.2)
      actionmailer (= 3.2.2)
      actionpack (= 3.2.2)
      activerecord (= 3.2.2)
      activeresource (= 3.2.2)
      activesupport (= 3.2.2)
      bundler (~> 1.0)
      railties (= 3.2.2)
    railties (3.2.2)
      actionpack (= 3.2.2)
      activesupport (= 3.2.2)
      rack-ssl (~> 1.3.2)
      rake (>= 0.8.7)
      rdoc (~> 3.4)
      thor (~> 0.14.6)
    rake (0.9.2.2)
    rdf (0.3.5.2)
      addressable (>= 2.2.6)
    rdf-isomorphic (0.3.4)
      rdf (>= 0.2.3)
    rdf-json (0.3.0)
      json_pure (>= 1.4.2)
      rdf (~> 0.3.0)
    rdf-microdata (0.2.3.1)
      htmlentities (>= 4.3.0)
      json (>= 1.6.1)
      rdf (>= 0.3.4)
      rdf-xsd (>= 0.3.4)
    rdf-n3 (0.3.6)
      rdf (>= 0.3.4)
    rdf-rdfa (0.3.10)
      haml (>= 3.0.0)
      htmlentities (>= 4.3.0)
      rdf (>= 0.3.3)
      rdf-xsd (>= 0.3.5)
    rdf-rdfxml (0.3.6)
      rdf (>= 0.3.4)
      rdf-xsd (>= 0.3.5)
    rdf-trig (0.1.1)
      rdf (>= 0.3.4)
      rdf-turtle (>= 0.1.1)
    rdf-trix (0.3.0)
      rdf (~> 0.3.0)
    rdf-turtle (0.1.1)
      rdf (>= 0.3.4)
    rdf-xsd (0.3.5)
      nokogiri (>= 1.5.0)
      rdf (>= 0.3.4)
    rdiscount (1.6.8)
    rdoc (3.12)
      json (~> 1.4)
    sass (3.1.15)
    sass-rails (3.2.5)
      railties (~> 3.2.0)
      sass (>= 3.1.10)
      tilt (~> 1.3)
    sprockets (2.1.2)
      hike (~> 1.2)
      rack (~> 1.0)
      tilt (~> 1.1, != 1.3.0)
    sqlite3 (1.3.5)
    therubyracer (0.9.10)
      libv8 (~> 3.3.10)
    thor (0.14.6)
    tilt (1.3.3)
    treetop (1.4.10)
      polyglot
      polyglot (>= 0.3.1)
    twitter-bootstrap-rails (2.0.4)
      actionpack (>= 3.1)
      less-rails (~> 2.1.8)
      railties (>= 3.1)
    tzinfo (0.3.32)
    uglifier (1.2.3)
      execjs (>= 0.3.0)
      multi_json (>= 1.0.2)
    uuidtools (2.1.2)
    warden (1.1.1)
      rack (>= 1.0)
    wikicloth (0.7.1)
      builder
      expression_parser
    wikitext (2.1.1)
    yaml_db (0.2.2)

PLATFORMS
  ruby

DEPENDENCIES
  acts_as_markup
  coffee-rails (~> 3.2.1)
  devise
  gravtastic
  jquery-rails
  linkeddata
  rails (= 3.2.2)
  sass-rails (~> 3.2.3)
  sqlite3
  twitter-bootstrap-rails
  uglifier (>= 1.0.3)
  uuidtools
  yaml_db
